GIT
  remote: git://github.com/LaunchThing/anemone.git
  revision: 531d7718421b06114abdfe025a810dd8d3327e0e
  specs:
    anemone (0.7.1)
      nokogiri (>= 1.3.0)
      robotex (>= 1.0.0)

GEM
  remote: https://rubygems.org/
  specs:
    activemodel (3.2.3)
      activesupport (= 3.2.3)
      builder (~> 3.0.0)
    activesupport (3.2.3)
      i18n (~> 0.6)
      multi_json (~> 1.0)
    addressable (2.2.8)
    builder (3.0.4)
    celluloid (0.12.3)
      facter (>= 1.6.12)
      timers (>= 1.0.0)
    connection_pool (0.9.2)
    facter (1.6.14)
    hashr (0.0.22)
    i18n (0.6.1)
    interact (0.4.8)
    json_pure (1.6.7)
    mime-types (1.19)
    multi_json (1.3.6)
    nokogiri (1.5.5)
    rack (1.4.1)
    rack-protection (1.2.0)
      rack
    rake (0.9.2.2)
    rb-readline (0.4.2)
    redis (3.0.2)
    redis-namespace (1.2.1)
      redis (~> 3.0.0)
    rest-client (1.6.7)
      mime-types (>= 1.16)
    robotex (1.0.0)
    rubyzip (0.9.9)
    sidekiq (2.5.2)
      celluloid (~> 0.12.0)
      connection_pool (~> 0.9.2)
      multi_json (~> 1)
      redis (~> 3)
      redis-namespace
    sinatra (1.3.3)
      rack (~> 1.3, >= 1.3.6)
      rack-protection (~> 1.2)
      tilt (~> 1.3, >= 1.3.3)
    slim (1.3.4)
      temple (~> 0.5.5)
      tilt (~> 1.3.3)
    temple (0.5.5)
    terminal-table (1.4.5)
    tilt (1.3.3)
    timers (1.0.1)
    tire (0.5.1)
      activemodel (>= 3.0)
      hashr (~> 0.0.19)
      multi_json (~> 1.0)
      rake
      rest-client (~> 1.6)
    uuidtools (2.1.3)
    vmc (0.3.18)
      addressable (~> 2.2.6)
      interact (~> 0.4.0)
      json_pure (>= 1.5.1, < 1.7.0)
      rb-readline (~> 0.4.2)
      rest-client (>= 1.6.1, < 1.7.0)
      rubyzip (~> 0.9.4)
      terminal-table (~> 1.4.2)
      uuidtools (~> 2.1.0)

PLATFORMS
  ruby

DEPENDENCIES
  anemone!
  sidekiq (~> 2.5.2)
  sinatra (~> 1.3.3)
  slim
  tire (~> 0.5.1)
  vmc (= 0.3.18)
